GEM
  remote: http://rubygems.org/
  specs:
    nokogiri (1.5.0)
    sqlite3 (1.3.4)

PLATFORMS
  ruby

DEPENDENCIES
  nokogiri
  sqlite3
