GEM
  remote: http://rubygems.org/
  specs:
    buby (1.3.0-java)
    jdbc-sqlite3 (3.7.2)
    nokogiri (1.5.0)
    nokogiri (1.5.0-java)
    sqlite3 (1.3.4)

PLATFORMS
  java
  ruby

DEPENDENCIES
  buby
  jdbc-sqlite3
  nokogiri
  sqlite3
